PATH
  remote: .
  specs:
    jinda_adminlte (0.1.0)

GEM
  remote: https://rubygems.org/
  specs:
    ffi (1.12.2)
    font-awesome-sass (4.7.0)
      sass (>= 3.2)
    minitest (5.10.3)
    rake (13.0.1)
    rb-fsevent (0.10.3)
    rb-inotify (0.10.1)
      ffi (~> 1.0)
    sass (3.7.4)
      sass-listen (~> 4.0.0)
    sass-listen (4.0.0)
      rb-fsevent (~> 0.9, >= 0.9.4)
      rb-inotify (~> 0.9, >= 0.9.7)

PLATFORMS
  ruby

DEPENDENCIES
  bundler (~> 1.16)
  font-awesome-sass (~> 4.7.0)
  jinda_adminlte!
  minitest (~> 5.0)
  rake (~> 13.0)

BUNDLED WITH
   1.16.0
